GEM
  remote: https://rubygems.org/
  specs:
    classifier (1.3.3)
      fast-stemmer (>= 1.0.0)
    coffee-script (2.2.0)
      coffee-script-source
      execjs
    coffee-script-source (1.6.3)
    colorator (0.1)
    commander (4.1.5)
      highline (~> 1.6.11)
    execjs (2.0.2)
    fast-stemmer (1.0.2)
    ffi (1.9.3)
    highline (1.6.20)
    jekyll (1.3.0)
      classifier (~> 1.3)
      colorator (~> 0.1)
      commander (~> 4.1.3)
      liquid (~> 2.5.2)
      listen (~> 1.3)
      maruku (~> 0.6.0)
      pygments.rb (~> 0.5.0)
      redcarpet (~> 2.3.0)
      safe_yaml (~> 0.9.7)
    jekyll-asset-pipeline (0.1.2)
      jekyll (>= 0.10.0)
      liquid (>= 1.9.0)
    liquid (2.5.4)
    listen (1.3.1)
      rb-fsevent (>= 0.9.3)
      rb-inotify (>= 0.9)
      rb-kqueue (>= 0.2)
    maruku (0.6.1)
      syntax (>= 1.0.0)
    posix-spawn (0.3.6)
    pygments.rb (0.5.4)
      posix-spawn (~> 0.3.6)
      yajl-ruby (~> 1.1.0)
    rb-fsevent (0.9.3)
    rb-inotify (0.9.2)
      ffi (>= 0.5.0)
    rb-kqueue (0.2.0)
      ffi (>= 0.5.0)
    redcarpet (2.3.0)
    safe_yaml (0.9.7)
    sass (3.2.12)
    syntax (1.0.0)
    yajl-ruby (1.1.0)
    yui-compressor (0.12.0)

PLATFORMS
  ruby

DEPENDENCIES
  coffee-script
  jekyll
  jekyll-asset-pipeline
  sass
  yui-compressor
